GEM
  remote: https://rubygems.org/
  specs:
    base64 (0.2.0)
    rexml (3.2.6)
    rubyzip (2.3.2)
    selenium-webdriver (4.18.1)
      base64 (~> 0.2)
      rexml (~> 3.2, >= 3.2.5)
      rubyzip (>= 1.2.2, < 3.0)
      websocket (~> 1.0)
    websocket (1.2.10)

PLATFORMS
  aarch64-linux
  ruby

DEPENDENCIES
  selenium-webdriver (~> 4.4)

BUNDLED WITH
   2.5.3
